GEM
  remote: https://rubygems.org/
  specs:
    byebug (10.0.2)
    coderay (1.1.2)
    fileutils (1.1.0)
    method_source (0.9.0)
    pry (0.11.3)
      coderay (~> 1.1.0)
      method_source (~> 0.9.0)
    pry-byebug (3.6.0)
      byebug (~> 10.0)
      pry (~> 0.10)
    titleize (1.4.1)

PLATFORMS
  ruby

DEPENDENCIES
  fileutils
  pry-byebug
  titleize

BUNDLED WITH
   1.16.2
